PATH
  remote: .
  specs:
    botkit-telegram (0.0.2)
      botkit

GEM
  remote: https://rubygems.org/
  specs:
    aitch (1.2.1)
      nokogiri
    botkit (0.0.5)
      aitch
      signal
    mini_portile2 (2.8.1)
    minitest (5.16.3)
    minitest-utils (0.4.8)
      minitest
    nokogiri (1.13.10)
      mini_portile2 (~> 2.8.0)
      racc (~> 1.4)
    racc (1.6.2)
    rake (13.0.6)
    signal (1.3.1)
      voltage
    voltage (0.1.0)

PLATFORMS
  arm64-darwin-22

DEPENDENCIES
  botkit-telegram!
  bundler
  minitest-utils
  rake

BUNDLED WITH
   2.4.1
