PATH
  remote: .
  specs:
    botkit-telegram (0.0.1)
      botkit

GEM
  remote: https://rubygems.org/
  specs:
    aitch (1.1.0)
      nokogiri
    botkit (0.0.5)
      aitch
      signal
    mini_portile2 (2.4.0)
    minitest (5.14.2)
    minitest-utils (0.4.6)
      minitest
    nokogiri (1.10.10)
      mini_portile2 (~> 2.4.0)
    rake (13.0.1)
    signal (1.2.0)

PLATFORMS
  ruby

DEPENDENCIES
  botkit-telegram!
  bundler
  minitest-utils
  rake

BUNDLED WITH
   2.1.4
